GEM
  specs:
    ffi (1.15.4-x64-mingw32)
    jekyll-watch (2.2.1)
      listen (~> 3.0)
    listen (3.7.0)
      rb-fsevent (~> 0.10, >= 0.10.3)
      rb-inotify (~> 0.9, >= 0.9.10)
    rb-fsevent (0.11.0)
    rb-inotify (0.10.1)
      ffi (~> 1.0)
    wdm (0.1.1)
    webrick (1.7.0)

PLATFORMS
  x64-mingw32

DEPENDENCIES
  jekyll-watch
  wdm (~> 0.1.1)
  webrick

BUNDLED WITH
   2.2.27
